GEM
  remote: http://rubygems.org/
  specs:
    fssm (0.2.10)

PLATFORMS
  ruby

DEPENDENCIES
  fssm
